NUGET
  remote: http://api.nuget.org/v3/index.json
    FAKE (4.37.2)
    FsCheck (2.5) - framework: >= net452
      FSharp.Core (>= 3.1.2.5)
    FsCheck.Xunit (2.5) - framework: >= net452
      FsCheck (>= 2.5)
      xunit.extensibility.execution (>= 2.1 < 3.0)
    FSharp.Core (4.0.0.1) - framework: >= net452
    log4net (2.0.5) - framework: >= net452
    NuGet.CommandLine (3.4.3)
    Unquote (3.1.1) - framework: >= net452
    xunit.abstractions (2.0) - framework: >= net452
    xunit.extensibility.core (2.1) - framework: >= net452
      xunit.abstractions (2.0)
    xunit.extensibility.execution (2.1) - framework: >= net452
      xunit.extensibility.core (2.1) - framework: >= net45, dnx451, dnxcore50, monoandroid, monotouch, xamarinios, winv4.5, wpv8.0, wpav8.1
    xunit.runner.console (2.0) - framework: >= net452
    xunit.runner.visualstudio (2.1) - framework: >= net452
